GEM
  remote: https://rubygems.org/
  specs:
    mustermann (1.1.1)
      ruby2_keywords (~> 0.0.1)
    rack (2.2.3)
    rack-protection (2.2.0)
      rack
    ruby2_keywords (0.0.5)
    shotgun (0.9.2)
      rack (>= 1.0)
    sinatra (2.2.0)
      mustermann (~> 1.0)
      rack (~> 2.2)
      rack-protection (= 2.2.0)
      tilt (~> 2.0)
    sinatra-cors (1.1.0)
    tilt (2.0.10)

PLATFORMS
  ruby

DEPENDENCIES
  shotgun (= 0.9.2)
  sinatra (= 2.2.0)
  sinatra-cors (= 1.1.0)

RUBY VERSION
   ruby 2.4.1p111

BUNDLED WITH
   1.16.1
